GEM
  remote: https://rubygems.org/
  specs:
    date (3.3.4)
    debug (1.8.0)
      irb (>= 1.5.0)
      reline (>= 0.3.1)
    io-console (0.7.2)
    irb (1.6.3)
      reline (>= 0.3.0)
    json (2.7.1)
    nokogiri (1.16.0-arm64-darwin)
      racc (~> 1.4)
    nokogiri (1.16.0-x86_64-darwin)
      racc (~> 1.4)
    nokogiri (1.16.0-x86_64-linux)
      racc (~> 1.4)
    racc (1.7.3)
    reline (0.4.2)
      io-console (~> 0.5)

PLATFORMS
  arm64-darwin-21
  universal-darwin-23
  x86_64-linux

DEPENDENCIES
  date
  debug
  json
  nokogiri

BUNDLED WITH
   2.5.5
