GEM
  remote: https://rubygems.org/
  specs:
    date (3.2.2)
    debug (1.6.3)
      irb (>= 1.3.6)
      reline (>= 0.3.1)
    io-console (0.5.11)
    irb (1.4.2)
      reline (>= 0.3.0)
    json (2.6.2)
    nokogiri (1.13.9-arm64-darwin)
      racc (~> 1.4)
    nokogiri (1.13.9-x86_64-linux)
      racc (~> 1.4)
    racc (1.6.0)
    reline (0.3.1)
      io-console (~> 0.5)

PLATFORMS
  arm64-darwin-21
  x86_64-linux

DEPENDENCIES
  date
  debug
  json
  nokogiri

BUNDLED WITH
   2.3.25
