GEM
  remote: https://rubygems.org/
  specs:
    date (3.4.1)
    debug (1.11.0)
      irb (~> 1.10)
      reline (>= 0.3.8)
    erb (5.0.1)
    io-console (0.8.0)
    irb (1.15.2)
      pp (>= 0.6.0)
      rdoc (>= 4.0.0)
      reline (>= 0.4.2)
    json (2.15.2)
    nokogiri (1.18.10-arm64-darwin)
      racc (~> 1.4)
    nokogiri (1.18.10-x86_64-darwin)
      racc (~> 1.4)
    nokogiri (1.18.10-x86_64-linux-gnu)
      racc (~> 1.4)
    pp (0.6.2)
      prettyprint
    prettyprint (0.2.0)
    psych (5.2.6)
      date
      stringio
    racc (1.8.1)
    rdoc (6.14.1)
      erb
      psych (>= 4.0.0)
    reline (0.6.1)
      io-console (~> 0.5)
    stringio (3.1.7)

PLATFORMS
  arm64-darwin-21
  universal-darwin-23
  x86_64-linux

DEPENDENCIES
  date
  debug
  json
  nokogiri

BUNDLED WITH
   2.5.5
